PATH
  remote: .
  specs:
    warden_omniauth (0.0.1)
      omniauth
      warden (>= 0.9)

GEM
  remote: http://rubygems.org/
  specs:
    addressable (2.2.0)
    faraday (0.4.6)
      addressable (>= 2.1.1)
      rack (>= 1.0.1)
    mime-types (1.16)
    multi_json (0.0.4)
    nanotest (0.9.4.1)
    nanotest_extensions (0.6.3)
    net-ldap (0.1.1)
    nokogiri (1.4.3.1)
    oa-basic (0.1.1)
      multi_json (~> 0.0.2)
      nokogiri (~> 1.4.2)
      oa-core (= 0.1.1)
      rest-client (~> 1.6.0)
    oa-core (0.1.1)
      rack (~> 1.1)
    oa-enterprise (0.1.1)
      net-ldap (~> 0.1.1)
      nokogiri (~> 1.4.2)
      oa-core (= 0.1.1)
      rubyntlm (~> 0.1.1)
    oa-oauth (0.1.1)
      multi_json (~> 0.0.2)
      nokogiri (~> 1.4.2)
      oa-core (= 0.1.1)
      oauth (~> 0.4.0)
      oauth2 (~> 0.0.10)
    oa-openid (0.1.1)
      oa-core (= 0.1.1)
      rack-openid (~> 1.1.1)
      ruby-openid-apps-discovery
    oauth (0.4.3)
    oauth2 (0.0.13)
      faraday (~> 0.4.1)
      multi_json (>= 0.0.4)
    omniauth (0.1.1)
      oa-basic (= 0.1.1)
      oa-core (= 0.1.1)
      oa-enterprise (= 0.1.1)
      oa-oauth (= 0.1.1)
      oa-openid (= 0.1.1)
    rack (1.2.1)
    rack-openid (1.1.2)
      rack (>= 0.4)
      ruby-openid (>= 2.0.3)
    rack-test (0.5.6)
      rack (>= 1.0)
    rake (0.8.7)
    rest-client (1.6.1)
      mime-types (>= 1.16)
    ruby-openid (2.1.8)
    ruby-openid-apps-discovery (1.2.0)
      ruby-openid (>= 2.1.7)
    rubyntlm (0.1.1)
    warden (0.10.7)
      rack (>= 1.0.0)

PLATFORMS
  ruby

DEPENDENCIES
  bundler (>= 1.0.0)
  nanotest
  nanotest_extensions
  omniauth
  rack-test
  rake
  warden (>= 0.9)
  warden_omniauth!
